GEM
  remote: http://rubygems.org/
  specs:
    chunky_png (1.2.5)
    coffee-script (2.2.0)
      coffee-script-source
      execjs
    coffee-script-source (1.1.3)
    compass (0.11.5)
      chunky_png (~> 1.2)
      fssm (>= 0.2.7)
      sass (~> 3.1)
    execjs (1.2.9)
      multi_json (~> 1.0)
    fssm (0.2.7)
    multi_json (1.0.3)
    rake (0.9.2)
    sass (3.1.10)

PLATFORMS
  ruby

DEPENDENCIES
  coffee-script
  compass
  rake
